GEM
  remote: https://www.rubygems.org/
  specs:
    httparty (0.13.1)
      json (~> 1.8)
      multi_xml (>= 0.5.2)
    json (1.8.1)
    multi_json (1.10.0)
    multi_xml (0.5.5)
    rack (1.5.2)
    rack-protection (1.5.3)
      rack
    sinatra (1.4.5)
      rack (~> 1.4)
      rack-protection (~> 1.4)
      tilt (~> 1.3, >= 1.3.4)
    strava-api-v3 (0.0.6)
      httparty
      multi_json
    tilt (1.4.1)

PLATFORMS
  ruby

DEPENDENCIES
  sinatra
  strava-api-v3
